GEM
  remote: https://rubygems.org/
  specs:
    jekyll (4.3.2)
    jekyll-feed (0.17.0)
    jekyll-include-cache (0.2.1)
      jekyll (>= 3.7, < 5.0)
    jekyll-seo-tag (2.8.0)
    jekyll-sitemap (1.4.0)
    webrick (1.7.0)

PLATFORMS
  ruby

DEPENDENCIES
  jekyll (~> 4.3.2)
  jekyll-feed (~> 0.17)
  jekyll-include-cache (~> 0.2.1)
  jekyll-seo-tag
  jekyll-sitemap (~> 1.4)
  webrick (~> 1.7)

BUNDLED WITH
   2.4.22
