GEM
  remote: https://rubygems.org/
  specs:
    jekyll (4.3.2)
    jekyll-feed
    jekyll-sitemap

PLATFORMS
  ruby

DEPENDENCIES
  jekyll (~> 4.3.2)
  jekyll-feed
  jekyll-sitemap
